GEM
  remote: https://rubygems.org/
  specs:
    rake (13.0.1)
    ruby-debug-ide (0.7.2)
      rake (>= 0.8.1)

PLATFORMS
  ruby

DEPENDENCIES
  ruby-debug-ide

BUNDLED WITH
   2.1.4
